PATH
  remote: .
  specs:
    green-em-pg (0.1.0)
      em-pg (>= 0.1)
      eventmachine (>= 0.12)
      green (>= 0.1.1)
      pg (>= 0.14)

GEM
  remote: http://rubygems.org/
  specs:
    ansi (1.4.3)
    builder (3.1.4)
    columnize (0.3.6)
    debugger (1.3.0)
      columnize (>= 0.3.1)
      debugger-linecache (~> 1.1.1)
      debugger-ruby_core_source (~> 1.1.7)
    debugger-linecache (1.1.2)
      debugger-ruby_core_source (>= 1.1.1)
    debugger-ruby_core_source (1.1.7)
    em-pg (0.1.2)
      eventmachine (>= 0.12)
      pg (>= 0.14)
    eventmachine (1.0.0)
    green (0.1.1)
      kgio (= 2.7.4)
    hashie (1.2.0)
    kgio (2.7.4)
    minitest (4.5.0)
    minitest-reporters (0.14.7)
      ansi
      builder
      minitest (>= 2.12, < 5.0)
      powerbar
    pg (0.14.1)
    powerbar (1.0.11)
      ansi (~> 1.4.0)
      hashie (>= 1.1.0)
    sequel (3.43.0)

PLATFORMS
  ruby

DEPENDENCIES
  debugger
  green-em-pg!
  minitest
  minitest-reporters
  sequel
